GIT
  remote: https://github.com/Roman2K/metacli.git
  revision: 9c89884a75664725a8c7f85c081fb699995cf582
  specs:
    metacli (0.1.0)

GIT
  remote: https://github.com/Roman2K/utils-ruby.git
  revision: 3bc598d9387c484b9f9a8e29a4eb5a66368e8d4f
  specs:
    utils-ruby (0.1.0)

GEM
  remote: https://rubygems.org/
  specs:
    influxdb (0.8.0)
    minitest (5.13.0)

PLATFORMS
  ruby

DEPENDENCIES
  influxdb
  metacli!
  minitest
  utils-ruby!

BUNDLED WITH
   2.1.4
