GIT
  remote: https://github.com/Roman2K/metacli.git
  revision: 3eb064e27e1e7b2a19280199b1e76e49ccdda634
  specs:
    metacli (0.1.0)

GIT
  remote: https://github.com/Roman2K/utils-ruby.git
  revision: 6d89e638d7f237c48767fe90c95b93802023c607
  specs:
    utils-ruby (0.1.0)

GEM
  remote: https://rubygems.org/
  specs:
    influxdb (0.8.0)
    minitest (5.13.0)

PLATFORMS
  ruby

DEPENDENCIES
  influxdb
  metacli!
  minitest
  utils-ruby!

BUNDLED WITH
   2.1.4
