GIT
  remote: https://github.com/Roman2K/metacli.git
  revision: 3eb064e27e1e7b2a19280199b1e76e49ccdda634
  specs:
    metacli (0.1.0)

GIT
  remote: https://github.com/Roman2K/utils-ruby.git
  revision: 80afb48c0603d97f609d83febffda66fc333aeca
  specs:
    utils-ruby (0.1.0)

GEM
  remote: https://rubygems.org/
  specs:
    influxdb (0.7.0)
    minitest (5.13.0)

PLATFORMS
  ruby

DEPENDENCIES
  influxdb
  metacli!
  minitest
  utils-ruby!

BUNDLED WITH
   2.0.2
