GIT
  remote: https://github.com/Roman2K/metacli.git
  revision: 02f34bfcf78c4540e62588a3200e9295ba9b72e8
  specs:
    metacli (0.1.0)

GIT
  remote: https://github.com/Roman2K/utils-ruby.git
  revision: 1743e309051e4920109982274846f94089d7e1f3
  specs:
    utils-ruby (0.1.0)

GEM
  remote: https://rubygems.org/
  specs:
    influxdb (0.8.0)
    minitest (5.14.0)

PLATFORMS
  ruby

DEPENDENCIES
  influxdb
  metacli!
  minitest
  utils-ruby!

BUNDLED WITH
   2.1.4
